GEM
  remote: https://rubygems.org/
  specs:
    chronic (0.10.2)
    daemons (1.1.9)
    dotenv (0.11.1)
      dotenv-deployment (~> 0.0.2)
    dotenv-deployment (0.0.2)
    eventmachine (1.0.4)
    foreman (0.75.0)
      dotenv (~> 0.11.1)
      thor (~> 0.19.1)
    httparty (0.13.1)
      json (~> 1.8)
      multi_xml (>= 0.5.2)
    json (1.8.1)
    map (6.5.5)
    multi_xml (0.5.5)
    oauth (0.4.7)
    rack (1.5.2)
    rack-protection (1.5.3)
      rack
    redis (3.1.0)
    sinatra (1.4.5)
      rack (~> 1.4)
      rack-protection (~> 1.4)
      tilt (~> 1.3, >= 1.3.4)
    thin (1.6.2)
      daemons (>= 1.0.9)
      eventmachine (>= 1.0.0)
      rack (>= 1.0.0)
    thor (0.19.1)
    tilt (1.4.1)
    weather-api (1.2.0)
      chronic (~> 0.10.2)
      json
      map (~> 6.5.1)

PLATFORMS
  ruby

DEPENDENCIES
  dotenv
  foreman
  httparty
  oauth
  redis
  sinatra
  thin
  weather-api

RUBY VERSION
   ruby 2.2.3p173

BUNDLED WITH
   1.12.5
